PATH
  remote: ../../dev/decision_table
  specs:
    decision_table (0.0.1)
      activesupport

PATH
  remote: ../../dev/decisiontree
  specs:
    decisiontree (0.3.2)
      graphr

GEM
  remote: https://rubygems.org/
  specs:
    activesupport (3.2.8)
      i18n (~> 0.6)
      multi_json (~> 1.0)
    ai4r (1.12)
    builder (3.1.4)
    chunky_png (1.2.6)
    coderay (1.0.8)
    compass (0.12.2)
      chunky_png (~> 1.2)
      fssm (>= 0.2.7)
      sass (~> 3.1)
    cucumber (1.2.1)
      builder (>= 2.1.2)
      diff-lcs (>= 1.1.3)
      gherkin (~> 2.11.0)
      json (>= 1.4.6)
    diff-lcs (1.1.3)
    fastercsv (1.5.5)
    foreman (0.60.2)
      thor (>= 0.13.6)
    fssm (0.2.9)
    gherkin (2.11.5)
      json (>= 1.4.6)
    graphr (0.2.1)
    guard (1.4.0)
      listen (>= 0.4.2)
      thor (>= 0.14.6)
    guard-compass (0.0.6)
      compass (>= 0.10.5)
      guard (>= 0.2.1)
    i18n (0.6.1)
    json (1.7.5)
    listen (0.5.3)
    method_source (0.8.1)
    multi_json (1.3.6)
    pry (0.9.10)
      coderay (~> 1.0.5)
      method_source (~> 0.8)
      slop (~> 3.3.1)
    rake (0.9.2.2)
    rb-fsevent (0.9.2)
    sass (3.2.1)
    slop (3.3.3)
    terminal-notifier-guard (1.5.3)
    thor (0.16.0)

PLATFORMS
  ruby

DEPENDENCIES
  ai4r
  compass
  cucumber
  decision_table!
  decisiontree!
  fastercsv
  foreman
  graphr
  guard
  guard-compass
  pry
  rake
  rb-fsevent (~> 0.9.1)
  terminal-notifier-guard
